STORAGE: NONE
RESTRICTION: || (== net7.0) (== netstandard2.0) (== netstandard2.1)
NUGET
  remote: https://api.nuget.org/v3/index.json
    AutoMapper (12.0.1) - restriction: || (== net7.0) (&& (== netstandard2.0) (>= netstandard2.1)) (== netstandard2.1)
      Microsoft.CSharp (>= 4.7) - restriction: || (== net7.0) (&& (== netstandard2.0) (>= netstandard2.1)) (== netstandard2.1)
    AutoMapper.Extensions.Microsoft.DependencyInjection (12.0.1)
      AutoMapper (12.0.1) - restriction: || (== net7.0) (&& (== netstandard2.0) (>= netstandard2.1)) (== netstandard2.1)
      Microsoft.Extensions.Options (>= 6.0) - restriction: || (== net7.0) (&& (== netstandard2.0) (>= netstandard2.1)) (== netstandard2.1)
    Humanizer.Core (2.14.1) - restriction: || (== net7.0) (&& (== netstandard2.0) (>= net6.0)) (&& (== netstandard2.1) (>= net6.0))
    Microsoft.AspNetCore.Authentication.Abstractions (2.2) - restriction: || (&& (== net7.0) (< netcoreapp3.0)) (== netstandard2.0) (== netstandard2.1)
      Microsoft.AspNetCore.Http.Abstractions (>= 2.2)
      Microsoft.Extensions.Logging.Abstractions (>= 2.2)
      Microsoft.Extensions.Options (>= 2.2)
    Microsoft.AspNetCore.Authentication.Core (2.2) - restriction: || (&& (== net7.0) (< netcoreapp3.0)) (== netstandard2.0) (== netstandard2.1)
      Microsoft.AspNetCore.Authentication.Abstractions (>= 2.2)
      Microsoft.AspNetCore.Http (>= 2.2)
      Microsoft.AspNetCore.Http.Extensions (>= 2.2)
    Microsoft.AspNetCore.Authorization (7.0.9) - restriction: || (&& (== net7.0) (< netcoreapp3.0)) (== netstandard2.0) (== netstandard2.1)
      Microsoft.AspNetCore.Metadata (>= 7.0.9)
      Microsoft.Extensions.Logging.Abstractions (>= 7.0.1)
      Microsoft.Extensions.Options (>= 7.0.1)
    Microsoft.AspNetCore.Authorization.Policy (2.2) - restriction: || (&& (== net7.0) (< netcoreapp3.0)) (== netstandard2.0) (== netstandard2.1)
      Microsoft.AspNetCore.Authentication.Abstractions (>= 2.2)
      Microsoft.AspNetCore.Authorization (>= 2.2)
    Microsoft.AspNetCore.Hosting.Abstractions (2.2) - restriction: || (&& (== net7.0) (< netcoreapp3.0)) (== netstandard2.0) (== netstandard2.1)
      Microsoft.AspNetCore.Hosting.Server.Abstractions (>= 2.2)
      Microsoft.AspNetCore.Http.Abstractions (>= 2.2)
      Microsoft.Extensions.Hosting.Abstractions (>= 2.2)
    Microsoft.AspNetCore.Hosting.Server.Abstractions (2.2) - restriction: || (&& (== net7.0) (< netcoreapp3.0)) (== netstandard2.0) (== netstandard2.1)
      Microsoft.AspNetCore.Http.Features (>= 2.2)
      Microsoft.Extensions.Configuration.Abstractions (>= 2.2)
    Microsoft.AspNetCore.Http (2.2.2) - restriction: || (&& (== net7.0) (< netcoreapp3.0)) (== netstandard2.0) (== netstandard2.1)
      Microsoft.AspNetCore.Http.Abstractions (>= 2.2)
      Microsoft.AspNetCore.WebUtilities (>= 2.2)
      Microsoft.Extensions.ObjectPool (>= 2.2)
      Microsoft.Extensions.Options (>= 2.2)
      Microsoft.Net.Http.Headers (>= 2.2)
    Microsoft.AspNetCore.Http.Abstractions (2.2) - restriction: || (&& (== net7.0) (< netcoreapp3.0)) (== netstandard2.0) (== netstandard2.1)
      Microsoft.AspNetCore.Http.Features (>= 2.2)
      System.Text.Encodings.Web (>= 4.5)
    Microsoft.AspNetCore.Http.Extensions (2.2) - restriction: || (&& (== net7.0) (< netcoreapp3.0)) (== netstandard2.0) (== netstandard2.1)
      Microsoft.AspNetCore.Http.Abstractions (>= 2.2)
      Microsoft.Extensions.FileProviders.Abstractions (>= 2.2)
      Microsoft.Net.Http.Headers (>= 2.2)
      System.Buffers (>= 4.5)
    Microsoft.AspNetCore.Http.Features (5.0.17) - restriction: || (&& (== net7.0) (< netcoreapp3.0)) (== netstandard2.0) (== netstandard2.1)
      Microsoft.Extensions.Primitives (>= 5.0.1)
      System.IO.Pipelines (>= 5.0.2)
    Microsoft.AspNetCore.Metadata (7.0.9) - restriction: || (&& (== net7.0) (>= net462)) (&& (== net7.0) (< netcoreapp3.0)) (== netstandard2.0) (== netstandard2.1)
    Microsoft.AspNetCore.Mvc.Abstractions (2.2) - restriction: || (&& (== net7.0) (< netcoreapp3.0)) (== netstandard2.0) (== netstandard2.1)
      Microsoft.AspNetCore.Routing.Abstractions (>= 2.2)
      Microsoft.Net.Http.Headers (>= 2.2)
    Microsoft.AspNetCore.Mvc.ApiExplorer (2.2) - restriction: || (&& (== net7.0) (< netcoreapp3.0)) (== netstandard2.0) (== netstandard2.1)
      Microsoft.AspNetCore.Mvc.Core (>= 2.2)
    Microsoft.AspNetCore.Mvc.Core (2.2.5) - restriction: || (&& (== net7.0) (< netcoreapp3.0)) (== netstandard2.0) (== netstandard2.1)
      Microsoft.AspNetCore.Authentication.Core (>= 2.2)
      Microsoft.AspNetCore.Authorization.Policy (>= 2.2)
      Microsoft.AspNetCore.Hosting.Abstractions (>= 2.2)
      Microsoft.AspNetCore.Http (>= 2.2)
      Microsoft.AspNetCore.Http.Extensions (>= 2.2)
      Microsoft.AspNetCore.Mvc.Abstractions (>= 2.2)
      Microsoft.AspNetCore.ResponseCaching.Abstractions (>= 2.2)
      Microsoft.AspNetCore.Routing (>= 2.2)
      Microsoft.AspNetCore.Routing.Abstractions (>= 2.2)
      Microsoft.Extensions.DependencyInjection (>= 2.2)
      Microsoft.Extensions.DependencyModel (>= 2.1)
      Microsoft.Extensions.FileProviders.Abstractions (>= 2.2)
      Microsoft.Extensions.Logging.Abstractions (>= 2.2)
      System.Diagnostics.DiagnosticSource (>= 4.5)
      System.Threading.Tasks.Extensions (>= 4.5.1)
    Microsoft.AspNetCore.Mvc.DataAnnotations (2.2) - restriction: || (&& (== net7.0) (< netcoreapp3.0)) (== netstandard2.0) (== netstandard2.1)
      Microsoft.AspNetCore.Mvc.Core (>= 2.2)
      Microsoft.Extensions.Localization (>= 2.2)
      System.ComponentModel.Annotations (>= 4.5)
    Microsoft.AspNetCore.ResponseCaching.Abstractions (2.2) - restriction: || (&& (== net7.0) (< netcoreapp3.0)) (== netstandard2.0) (== netstandard2.1)
      Microsoft.Extensions.Primitives (>= 2.2)
    Microsoft.AspNetCore.Routing (2.2.2) - restriction: || (&& (== net7.0) (< netcoreapp3.0)) (== netstandard2.0) (== netstandard2.1)
      Microsoft.AspNetCore.Http.Extensions (>= 2.2)
      Microsoft.AspNetCore.Routing.Abstractions (>= 2.2)
      Microsoft.Extensions.Logging.Abstractions (>= 2.2)
      Microsoft.Extensions.ObjectPool (>= 2.2)
      Microsoft.Extensions.Options (>= 2.2)
    Microsoft.AspNetCore.Routing.Abstractions (2.2) - restriction: || (&& (== net7.0) (< netcoreapp3.0)) (== netstandard2.0) (== netstandard2.1)
      Microsoft.AspNetCore.Http.Abstractions (>= 2.2)
    Microsoft.AspNetCore.StaticFiles (2.2) - restriction: || (&& (== net7.0) (< netcoreapp3.0)) (== netstandard2.0) (== netstandard2.1)
      Microsoft.AspNetCore.Hosting.Abstractions (>= 2.2)
      Microsoft.AspNetCore.Http.Extensions (>= 2.2)
      Microsoft.Extensions.FileProviders.Abstractions (>= 2.2)
      Microsoft.Extensions.Logging.Abstractions (>= 2.2)
      Microsoft.Extensions.WebEncoders (>= 2.2)
    Microsoft.AspNetCore.WebUtilities (2.2) - restriction: || (&& (== net7.0) (< netcoreapp3.0)) (== netstandard2.0) (== netstandard2.1)
      Microsoft.Net.Http.Headers (>= 2.2)
      System.Text.Encodings.Web (>= 4.5)
    Microsoft.Bcl.AsyncInterfaces (7.0) - restriction: || (&& (== net7.0) (>= net462)) (&& (== net7.0) (< netcoreapp3.0)) (&& (== net7.0) (< netstandard2.1)) (== netstandard2.0) (== netstandard2.1)
      System.Threading.Tasks.Extensions (>= 4.5.4) - restriction: || (&& (== net7.0) (>= net462)) (&& (== net7.0) (< netstandard2.1)) (== netstandard2.0) (&& (== netstandard2.1) (>= net462))
    Microsoft.CSharp (4.7) - restriction: || (== net7.0) (&& (== netstandard2.0) (>= netstandard2.1)) (== netstandard2.1)
    Microsoft.Data.Sqlite.Core (7.0.9) - restriction: || (== net7.0) (&& (== netstandard2.0) (>= net6.0)) (&& (== netstandard2.1) (>= net6.0))
      SQLitePCLRaw.core (>= 2.1.4)
    Microsoft.EntityFrameworkCore (7.0.9) - restriction: || (== net7.0) (&& (== netstandard2.0) (>= net6.0)) (&& (== netstandard2.1) (>= net6.0))
      Microsoft.EntityFrameworkCore.Abstractions (>= 7.0.9) - restriction: || (== net7.0) (&& (== netstandard2.0) (>= net6.0)) (&& (== netstandard2.1) (>= net6.0))
      Microsoft.EntityFrameworkCore.Analyzers (>= 7.0.9) - restriction: || (== net7.0) (&& (== netstandard2.0) (>= net6.0)) (&& (== netstandard2.1) (>= net6.0))
      Microsoft.Extensions.Caching.Memory (>= 7.0) - restriction: || (== net7.0) (&& (== netstandard2.0) (>= net6.0)) (&& (== netstandard2.1) (>= net6.0))
      Microsoft.Extensions.DependencyInjection (>= 7.0) - restriction: || (== net7.0) (&& (== netstandard2.0) (>= net6.0)) (&& (== netstandard2.1) (>= net6.0))
      Microsoft.Extensions.Logging (>= 7.0) - restriction: || (== net7.0) (&& (== netstandard2.0) (>= net6.0)) (&& (== netstandard2.1) (>= net6.0))
    Microsoft.EntityFrameworkCore.Abstractions (7.0.9) - restriction: || (== net7.0) (&& (== netstandard2.0) (>= net6.0)) (&& (== netstandard2.1) (>= net6.0))
    Microsoft.EntityFrameworkCore.Analyzers (7.0.9) - restriction: || (== net7.0) (&& (== netstandard2.0) (>= net6.0)) (&& (== netstandard2.1) (>= net6.0))
    Microsoft.EntityFrameworkCore.Design (7.0.9) - restriction: || (== net7.0) (&& (== netstandard2.0) (>= net6.0)) (&& (== netstandard2.1) (>= net6.0))
      Humanizer.Core (>= 2.14.1) - restriction: || (== net7.0) (&& (== netstandard2.0) (>= net6.0)) (&& (== netstandard2.1) (>= net6.0))
      Microsoft.EntityFrameworkCore.Relational (>= 7.0.9) - restriction: || (== net7.0) (&& (== netstandard2.0) (>= net6.0)) (&& (== netstandard2.1) (>= net6.0))
      Microsoft.Extensions.DependencyModel (>= 7.0) - restriction: || (== net7.0) (&& (== netstandard2.0) (>= net6.0)) (&& (== netstandard2.1) (>= net6.0))
      Mono.TextTemplating (>= 2.2.1) - restriction: || (== net7.0) (&& (== netstandard2.0) (>= net6.0)) (&& (== netstandard2.1) (>= net6.0))
    Microsoft.EntityFrameworkCore.Relational (7.0.9) - restriction: || (== net7.0) (&& (== netstandard2.0) (>= net6.0)) (&& (== netstandard2.1) (>= net6.0))
      Microsoft.EntityFrameworkCore (>= 7.0.9) - restriction: || (== net7.0) (&& (== netstandard2.0) (>= net6.0)) (&& (== netstandard2.1) (>= net6.0))
      Microsoft.Extensions.Configuration.Abstractions (>= 7.0) - restriction: || (== net7.0) (&& (== netstandard2.0) (>= net6.0)) (&& (== netstandard2.1) (>= net6.0))
    Microsoft.EntityFrameworkCore.Sqlite (7.0.9)
      Microsoft.EntityFrameworkCore.Sqlite.Core (>= 7.0.9) - restriction: || (== net7.0) (&& (== netstandard2.0) (>= net6.0)) (&& (== netstandard2.1) (>= net6.0))
      SQLitePCLRaw.bundle_e_sqlite3 (>= 2.1.4) - restriction: || (== net7.0) (&& (== netstandard2.0) (>= net6.0)) (&& (== netstandard2.1) (>= net6.0))
    Microsoft.EntityFrameworkCore.Sqlite.Core (7.0.9) - restriction: || (== net7.0) (&& (== netstandard2.0) (>= net6.0)) (&& (== netstandard2.1) (>= net6.0))
      Microsoft.Data.Sqlite.Core (>= 7.0.9) - restriction: || (== net7.0) (&& (== netstandard2.0) (>= net6.0)) (&& (== netstandard2.1) (>= net6.0))
      Microsoft.EntityFrameworkCore.Relational (>= 7.0.9) - restriction: || (== net7.0) (&& (== netstandard2.0) (>= net6.0)) (&& (== netstandard2.1) (>= net6.0))
      Microsoft.Extensions.DependencyModel (>= 7.0) - restriction: || (== net7.0) (&& (== netstandard2.0) (>= net6.0)) (&& (== netstandard2.1) (>= net6.0))
    Microsoft.EntityFrameworkCore.Tools (7.0.9)
      Microsoft.EntityFrameworkCore.Design (>= 7.0.9) - restriction: || (== net7.0) (&& (== netstandard2.0) (>= net6.0)) (&& (== netstandard2.1) (>= net6.0))
    Microsoft.Extensions.ApiDescription.Server (7.0.9)
    Microsoft.Extensions.Caching.Abstractions (7.0) - restriction: || (== net7.0) (&& (== netstandard2.0) (>= net6.0)) (&& (== netstandard2.1) (>= net6.0))
      Microsoft.Extensions.Primitives (>= 7.0)
    Microsoft.Extensions.Caching.Memory (7.0) - restriction: || (== net7.0) (&& (== netstandard2.0) (>= net6.0)) (&& (== netstandard2.1) (>= net6.0))
      Microsoft.Extensions.Caching.Abstractions (>= 7.0)
      Microsoft.Extensions.DependencyInjection.Abstractions (>= 7.0)
      Microsoft.Extensions.Logging.Abstractions (>= 7.0)
      Microsoft.Extensions.Options (>= 7.0)
      Microsoft.Extensions.Primitives (>= 7.0)
    Microsoft.Extensions.Configuration.Abstractions (7.0)
      Microsoft.Extensions.Primitives (>= 7.0)
    Microsoft.Extensions.DependencyInjection (7.0)
      Microsoft.Extensions.DependencyInjection.Abstractions (>= 7.0)
    Microsoft.Extensions.DependencyInjection.Abstractions (7.0)
    Microsoft.Extensions.DependencyModel (7.0)
      System.Text.Encodings.Web (>= 7.0)
      System.Text.Json (>= 7.0)
    Microsoft.Extensions.FileProviders.Abstractions (7.0) - restriction: || (&& (== net7.0) (< netcoreapp3.0)) (== netstandard2.0) (== netstandard2.1)
      Microsoft.Extensions.Primitives (>= 7.0)
    Microsoft.Extensions.FileProviders.Embedded (7.0.9) - restriction: || (&& (== net7.0) (< netcoreapp3.0)) (== netstandard2.0) (== netstandard2.1)
      Microsoft.Extensions.FileProviders.Abstractions (>= 7.0)
    Microsoft.Extensions.Hosting.Abstractions (7.0) - restriction: || (&& (== net7.0) (< netcoreapp3.0)) (== netstandard2.0) (== netstandard2.1)
      Microsoft.Bcl.AsyncInterfaces (>= 7.0) - restriction: || (&& (== net7.0) (>= net462)) (&& (== net7.0) (< netstandard2.1)) (== netstandard2.0) (&& (== netstandard2.1) (>= net462))
      Microsoft.Extensions.Configuration.Abstractions (>= 7.0)
      Microsoft.Extensions.DependencyInjection.Abstractions (>= 7.0)
      Microsoft.Extensions.FileProviders.Abstractions (>= 7.0)
      System.Threading.Tasks.Extensions (>= 4.5.4) - restriction: || (&& (== net7.0) (>= net462)) (&& (== net7.0) (< netstandard2.1)) (== netstandard2.0) (&& (== netstandard2.1) (>= net462))
    Microsoft.Extensions.Localization (7.0.9) - restriction: || (&& (== net7.0) (< netcoreapp3.0)) (== netstandard2.0) (== netstandard2.1)
      Microsoft.Extensions.DependencyInjection.Abstractions (>= 7.0)
      Microsoft.Extensions.Localization.Abstractions (>= 7.0.9)
      Microsoft.Extensions.Logging.Abstractions (>= 7.0.1)
      Microsoft.Extensions.Options (>= 7.0.1)
    Microsoft.Extensions.Localization.Abstractions (7.0.9) - restriction: || (&& (== net7.0) (>= net462)) (&& (== net7.0) (< netcoreapp3.0)) (== netstandard2.0) (== netstandard2.1)
    Microsoft.Extensions.Logging (7.0) - restriction: || (== net7.0) (&& (== netstandard2.0) (>= net6.0)) (&& (== netstandard2.1) (>= net6.0))
      Microsoft.Extensions.DependencyInjection (>= 7.0)
      Microsoft.Extensions.DependencyInjection.Abstractions (>= 7.0)
      Microsoft.Extensions.Logging.Abstractions (>= 7.0)
      Microsoft.Extensions.Options (>= 7.0)
    Microsoft.Extensions.Logging.Abstractions (7.0.1)
      System.Buffers (>= 4.5.1) - restriction: || (&& (== net7.0) (>= net462)) (&& (== net7.0) (< net6.0)) (== netstandard2.0) (== netstandard2.1)
      System.Memory (>= 4.5.5) - restriction: || (&& (== net7.0) (>= net462)) (&& (== net7.0) (< net6.0)) (== netstandard2.0) (== netstandard2.1)
    Microsoft.Extensions.ObjectPool (7.0.9) - restriction: || (&& (== net7.0) (< netcoreapp3.0)) (== netstandard2.0) (== netstandard2.1)
    Microsoft.Extensions.Options (7.0.1)
      Microsoft.Extensions.DependencyInjection.Abstractions (>= 7.0)
      Microsoft.Extensions.Primitives (>= 7.0)
    Microsoft.Extensions.Primitives (7.0)
      System.Memory (>= 4.5.5) - restriction: || (&& (== net7.0) (>= net462)) (&& (== net7.0) (< net6.0)) (== netstandard2.0) (== netstandard2.1)
      System.Runtime.CompilerServices.Unsafe (>= 6.0) - restriction: || (&& (== net7.0) (>= net462)) (&& (== net7.0) (< net6.0)) (== netstandard2.0) (== netstandard2.1)
    Microsoft.Extensions.WebEncoders (7.0.9) - restriction: || (&& (== net7.0) (< netcoreapp3.0)) (== netstandard2.0) (== netstandard2.1)
      Microsoft.Extensions.DependencyInjection.Abstractions (>= 7.0)
      Microsoft.Extensions.Options (>= 7.0.1)
      System.Text.Encodings.Web (>= 7.0) - restriction: || (&& (== net7.0) (>= net462)) (== netstandard2.0) (== netstandard2.1)
    Microsoft.Net.Http.Headers (2.2.8) - restriction: || (&& (== net7.0) (< netcoreapp3.0)) (== netstandard2.0) (== netstandard2.1)
      Microsoft.Extensions.Primitives (>= 2.2)
      System.Buffers (>= 4.5)
    Microsoft.OpenApi (1.6.5)
    Mono.TextTemplating (2.3.1) - restriction: || (== net7.0) (&& (== netstandard2.0) (>= net6.0)) (&& (== netstandard2.1) (>= net6.0))
      System.CodeDom (>= 5.0)
    SQLitePCLRaw.bundle_e_sqlite3 (2.1.5) - restriction: || (== net7.0) (&& (== netstandard2.0) (>= net6.0)) (&& (== netstandard2.1) (>= net6.0))
      SQLitePCLRaw.lib.e_sqlite3 (>= 2.1.5)
      SQLitePCLRaw.provider.e_sqlite3 (>= 2.1.5)
    SQLitePCLRaw.core (2.1.5) - restriction: || (== net7.0) (&& (== netstandard2.0) (>= net6.0)) (&& (== netstandard2.0) (>= net6.0-ios)) (&& (== netstandard2.1) (>= net6.0)) (&& (== netstandard2.1) (>= net6.0-ios))
      System.Memory (>= 4.5.3)
    SQLitePCLRaw.lib.e_sqlite3 (2.1.5) - restriction: || (== net7.0) (&& (== netstandard2.0) (>= net6.0)) (&& (== netstandard2.0) (>= net6.0-ios)) (&& (== netstandard2.1) (>= net6.0)) (&& (== netstandard2.1) (>= net6.0-ios))
    SQLitePCLRaw.provider.e_sqlite3 (2.1.5) - restriction: || (== net7.0) (&& (== netstandard2.0) (>= net6.0)) (&& (== netstandard2.0) (>= net6.0-ios)) (&& (== netstandard2.1) (>= net6.0)) (&& (== netstandard2.1) (>= net6.0-ios))
      SQLitePCLRaw.core (>= 2.1.5)
    Swashbuckle.AspNetCore (6.5)
      Microsoft.Extensions.ApiDescription.Server (>= 6.0.5)
      Swashbuckle.AspNetCore.Swagger (>= 6.5)
      Swashbuckle.AspNetCore.SwaggerGen (>= 6.5)
      Swashbuckle.AspNetCore.SwaggerUI (>= 6.5)
    Swashbuckle.AspNetCore.Swagger (6.5)
      Microsoft.AspNetCore.Routing (>= 2.1) - restriction: || (&& (== net7.0) (< netcoreapp3.0)) (== netstandard2.0) (== netstandard2.1)
      Microsoft.OpenApi (>= 1.2.3)
    Swashbuckle.AspNetCore.SwaggerGen (6.5)
      Microsoft.AspNetCore.Mvc.ApiExplorer (>= 2.1) - restriction: || (&& (== net7.0) (< netcoreapp3.0)) (== netstandard2.0) (== netstandard2.1)
      Microsoft.AspNetCore.Mvc.DataAnnotations (>= 2.1) - restriction: || (&& (== net7.0) (< netcoreapp3.0)) (== netstandard2.0) (== netstandard2.1)
      Swashbuckle.AspNetCore.Swagger (>= 6.5)
      System.Text.Json (>= 4.6) - restriction: || (&& (== net7.0) (< netcoreapp3.0)) (== netstandard2.0) (== netstandard2.1)
    Swashbuckle.AspNetCore.SwaggerUI (6.5)
      Microsoft.AspNetCore.Routing (>= 2.1) - restriction: || (&& (== net7.0) (< netcoreapp3.0)) (== netstandard2.0) (== netstandard2.1)
      Microsoft.AspNetCore.StaticFiles (>= 2.1) - restriction: || (&& (== net7.0) (< netcoreapp3.0)) (== netstandard2.0) (== netstandard2.1)
      Microsoft.Extensions.FileProviders.Embedded (>= 2.1) - restriction: || (&& (== net7.0) (< netcoreapp3.0)) (== netstandard2.0) (== netstandard2.1)
      System.Text.Json (>= 4.6) - restriction: || (&& (== net7.0) (< netcoreapp3.0)) (== netstandard2.0) (== netstandard2.1)
    System.Buffers (4.5.1) - restriction: || (&& (== net7.0) (>= monotouch)) (&& (== net7.0) (>= net461)) (&& (== net7.0) (>= net462)) (&& (== net7.0) (< net6.0) (>= xamarinios)) (&& (== net7.0) (< net6.0) (>= xamarinmac)) (&& (== net7.0) (< net6.0) (>= xamarintvos)) (&& (== net7.0) (< net6.0) (>= xamarinwatchos)) (&& (== net7.0) (< netcoreapp2.0)) (&& (== net7.0) (< netcoreapp3.0)) (&& (== net7.0) (< netstandard1.1)) (&& (== net7.0) (< netstandard2.0)) (== netstandard2.0) (== netstandard2.1)
    System.CodeDom (7.0) - restriction: || (== net7.0) (&& (== netstandard2.0) (>= net6.0)) (&& (== netstandard2.1) (>= net6.0))
    System.ComponentModel.Annotations (5.0) - restriction: || (&& (== net7.0) (< netcoreapp3.0)) (== netstandard2.0) (== netstandard2.1)
    System.Diagnostics.DiagnosticSource (7.0.2) - restriction: || (&& (== net7.0) (< netcoreapp3.0)) (== netstandard2.0) (== netstandard2.1)
      System.Memory (>= 4.5.5) - restriction: || (&& (== net7.0) (>= net462)) (&& (== net7.0) (< net6.0)) (== netstandard2.0) (== netstandard2.1)
      System.Runtime.CompilerServices.Unsafe (>= 6.0) - restriction: || (&& (== net7.0) (>= net462)) (&& (== net7.0) (< net6.0)) (== netstandard2.0) (== netstandard2.1)
    System.IO.Pipelines (7.0) - restriction: || (&& (== net7.0) (>= net461)) (&& (== net7.0) (< netcoreapp3.0)) (== netstandard2.0) (== netstandard2.1)
      System.Buffers (>= 4.5.1) - restriction: || (&& (== net7.0) (>= net462)) (&& (== net7.0) (< net6.0)) (== netstandard2.0) (== netstandard2.1)
      System.Memory (>= 4.5.5) - restriction: || (&& (== net7.0) (>= net462)) (&& (== net7.0) (< net6.0)) (== netstandard2.0) (== netstandard2.1)
      System.Threading.Tasks.Extensions (>= 4.5.4) - restriction: || (&& (== net7.0) (>= net462)) (&& (== net7.0) (< net6.0)) (== netstandard2.0) (== netstandard2.1)
    System.Memory (4.5.5)
      System.Buffers (>= 4.5.1) - restriction: || (&& (== net7.0) (>= monotouch)) (&& (== net7.0) (>= net461)) (&& (== net7.0) (< netcoreapp2.0)) (&& (== net7.0) (< netstandard1.1)) (&& (== net7.0) (< netstandard2.0)) (&& (== net7.0) (>= xamarinios)) (&& (== net7.0) (>= xamarinmac)) (&& (== net7.0) (>= xamarintvos)) (&& (== net7.0) (>= xamarinwatchos)) (== netstandard2.0) (== netstandard2.1)
      System.Numerics.Vectors (>= 4.4) - restriction: || (&& (== net7.0) (< netcoreapp2.0)) (== netstandard2.0) (== netstandard2.1)
      System.Runtime.CompilerServices.Unsafe (>= 4.5.3) - restriction: || (&& (== net7.0) (>= monotouch)) (&& (== net7.0) (>= net461)) (&& (== net7.0) (< netcoreapp2.0)) (&& (== net7.0) (< netcoreapp2.1)) (&& (== net7.0) (< netstandard1.1)) (&& (== net7.0) (< netstandard2.0)) (&& (== net7.0) (>= uap10.1)) (&& (== net7.0) (>= xamarinios)) (&& (== net7.0) (>= xamarinmac)) (&& (== net7.0) (>= xamarintvos)) (&& (== net7.0) (>= xamarinwatchos)) (== netstandard2.0) (== netstandard2.1)
    System.Numerics.Vectors (4.5) - restriction: || (&& (== net7.0) (>= net462)) (&& (== net7.0) (< netcoreapp2.0)) (&& (== net7.0) (< netcoreapp3.0)) (== netstandard2.0) (== netstandard2.1)
    System.Runtime.CompilerServices.Unsafe (6.0) - restriction: || (&& (== net7.0) (>= net462)) (&& (== net7.0) (< net6.0)) (&& (== net7.0) (< netcoreapp3.0)) (== netstandard2.0) (== netstandard2.1)
    System.Text.Encodings.Web (7.0)
    System.Text.Json (7.0.3)
      Microsoft.Bcl.AsyncInterfaces (>= 7.0) - restriction: || (&& (== net7.0) (>= net462)) (&& (== net7.0) (< net6.0)) (== netstandard2.0) (== netstandard2.1)
      System.Buffers (>= 4.5.1) - restriction: || (&& (== net7.0) (>= net462)) (&& (== net7.0) (< net6.0)) (== netstandard2.0) (== netstandard2.1)
      System.Memory (>= 4.5.5) - restriction: || (&& (== net7.0) (>= net462)) (&& (== net7.0) (< net6.0)) (== netstandard2.0) (== netstandard2.1)
      System.Numerics.Vectors (>= 4.5) - restriction: || (&& (== net7.0) (>= net462)) (&& (== net7.0) (< net6.0)) (== netstandard2.0) (== netstandard2.1)
      System.Runtime.CompilerServices.Unsafe (>= 6.0) - restriction: || (&& (== net7.0) (>= net462)) (&& (== net7.0) (< net6.0)) (== netstandard2.0) (== netstandard2.1)
      System.Text.Encodings.Web (>= 7.0)
      System.Threading.Tasks.Extensions (>= 4.5.4) - restriction: || (&& (== net7.0) (>= net462)) (&& (== net7.0) (< net6.0)) (== netstandard2.0) (== netstandard2.1)
    System.Threading.Tasks.Extensions (4.5.4) - restriction: || (&& (== net7.0) (>= net462)) (&& (== net7.0) (< netcoreapp3.0)) (&& (== net7.0) (< netstandard2.1)) (== netstandard2.0) (== netstandard2.1)
      System.Runtime.CompilerServices.Unsafe (>= 4.5.3) - restriction: || (&& (== net7.0) (>= net461)) (&& (== net7.0) (< netcoreapp2.1)) (&& (== net7.0) (< netstandard1.0)) (&& (== net7.0) (< netstandard2.0)) (&& (== net7.0) (>= wp8)) (== netstandard2.0) (== netstandard2.1)
