STORAGE: NONE
RESTRICTION: || (== net7.0) (== netstandard2.0) (== netstandard2.1)
NUGET
  remote: https://api.nuget.org/v3/index.json
    AutoMapper (12.0.1) - restriction: || (== net7.0) (&& (== netstandard2.0) (>= netstandard2.1)) (== netstandard2.1)
      Microsoft.CSharp (>= 4.7) - restriction: || (== net7.0) (&& (== netstandard2.0) (>= netstandard2.1)) (== netstandard2.1)
    AutoMapper.Extensions.Microsoft.DependencyInjection (12.0.1)
      AutoMapper (12.0.1) - restriction: || (== net7.0) (&& (== netstandard2.0) (>= netstandard2.1)) (== netstandard2.1)
      Microsoft.Extensions.Options (>= 6.0) - restriction: || (== net7.0) (&& (== netstandard2.0) (>= netstandard2.1)) (== netstandard2.1)
    Azure.Core (1.34) - restriction: || (== net7.0) (&& (== netstandard2.0) (>= net6.0)) (&& (== netstandard2.1) (>= net6.0))
      Microsoft.Bcl.AsyncInterfaces (>= 1.1.1)
      System.Diagnostics.DiagnosticSource (>= 6.0.1)
      System.Memory.Data (>= 1.0.2)
      System.Numerics.Vectors (>= 4.5)
      System.Text.Encodings.Web (>= 4.7.2)
      System.Text.Json (>= 4.7.2)
      System.Threading.Tasks.Extensions (>= 4.5.4)
    Azure.Identity (1.9) - restriction: || (== net7.0) (&& (== netstandard2.0) (>= net6.0)) (&& (== netstandard2.1) (>= net6.0))
      Azure.Core (>= 1.32)
      Microsoft.Identity.Client (>= 4.49.1)
      Microsoft.Identity.Client.Extensions.Msal (>= 2.25.3)
      System.Memory (>= 4.5.4)
      System.Security.Cryptography.ProtectedData (>= 4.7)
      System.Text.Json (>= 4.7.2)
      System.Threading.Tasks.Extensions (>= 4.5.4)
    Humanizer.Core (2.14.1) - restriction: || (== net7.0) (&& (== netstandard2.0) (>= net6.0)) (&& (== netstandard2.1) (>= net6.0))
    Microsoft.AspNetCore.Authentication.Abstractions (2.2) - restriction: || (&& (== net7.0) (< netcoreapp3.0)) (== netstandard2.0) (== netstandard2.1)
      Microsoft.AspNetCore.Http.Abstractions (>= 2.2)
      Microsoft.Extensions.Logging.Abstractions (>= 2.2)
      Microsoft.Extensions.Options (>= 2.2)
    Microsoft.AspNetCore.Authentication.Core (2.2) - restriction: || (&& (== net7.0) (< netcoreapp3.0)) (== netstandard2.0) (== netstandard2.1)
      Microsoft.AspNetCore.Authentication.Abstractions (>= 2.2)
      Microsoft.AspNetCore.Http (>= 2.2)
      Microsoft.AspNetCore.Http.Extensions (>= 2.2)
    Microsoft.AspNetCore.Authorization (7.0.9) - restriction: || (&& (== net7.0) (< netcoreapp3.0)) (== netstandard2.0) (== netstandard2.1)
      Microsoft.AspNetCore.Metadata (>= 7.0.9)
      Microsoft.Extensions.Logging.Abstractions (>= 7.0.1)
      Microsoft.Extensions.Options (>= 7.0.1)
    Microsoft.AspNetCore.Authorization.Policy (2.2) - restriction: || (&& (== net7.0) (< netcoreapp3.0)) (== netstandard2.0) (== netstandard2.1)
      Microsoft.AspNetCore.Authentication.Abstractions (>= 2.2)
      Microsoft.AspNetCore.Authorization (>= 2.2)
    Microsoft.AspNetCore.Hosting.Abstractions (2.2) - restriction: || (&& (== net7.0) (< netcoreapp3.0)) (== netstandard2.0) (== netstandard2.1)
      Microsoft.AspNetCore.Hosting.Server.Abstractions (>= 2.2)
      Microsoft.AspNetCore.Http.Abstractions (>= 2.2)
      Microsoft.Extensions.Hosting.Abstractions (>= 2.2)
    Microsoft.AspNetCore.Hosting.Server.Abstractions (2.2) - restriction: || (&& (== net7.0) (< netcoreapp3.0)) (== netstandard2.0) (== netstandard2.1)
      Microsoft.AspNetCore.Http.Features (>= 2.2)
      Microsoft.Extensions.Configuration.Abstractions (>= 2.2)
    Microsoft.AspNetCore.Http (2.2.2) - restriction: || (&& (== net7.0) (< netcoreapp3.0)) (== netstandard2.0) (== netstandard2.1)
      Microsoft.AspNetCore.Http.Abstractions (>= 2.2)
      Microsoft.AspNetCore.WebUtilities (>= 2.2)
      Microsoft.Extensions.ObjectPool (>= 2.2)
      Microsoft.Extensions.Options (>= 2.2)
      Microsoft.Net.Http.Headers (>= 2.2)
    Microsoft.AspNetCore.Http.Abstractions (2.2) - restriction: || (&& (== net7.0) (< netcoreapp3.0)) (== netstandard2.0) (== netstandard2.1)
      Microsoft.AspNetCore.Http.Features (>= 2.2)
      System.Text.Encodings.Web (>= 4.5)
    Microsoft.AspNetCore.Http.Extensions (2.2) - restriction: || (&& (== net7.0) (< netcoreapp3.0)) (== netstandard2.0) (== netstandard2.1)
      Microsoft.AspNetCore.Http.Abstractions (>= 2.2)
      Microsoft.Extensions.FileProviders.Abstractions (>= 2.2)
      Microsoft.Net.Http.Headers (>= 2.2)
      System.Buffers (>= 4.5)
    Microsoft.AspNetCore.Http.Features (5.0.17) - restriction: || (&& (== net7.0) (< netcoreapp3.0)) (== netstandard2.0) (== netstandard2.1)
      Microsoft.Extensions.Primitives (>= 5.0.1)
      System.IO.Pipelines (>= 5.0.2)
    Microsoft.AspNetCore.JsonPatch (7.0.9) - restriction: || (== net7.0) (&& (== netstandard2.0) (>= net7.0)) (&& (== netstandard2.1) (>= net7.0))
      Microsoft.CSharp (>= 4.7)
      Newtonsoft.Json (>= 13.0.1)
    Microsoft.AspNetCore.Metadata (7.0.9) - restriction: || (&& (== net7.0) (>= net462)) (&& (== net7.0) (< netcoreapp3.0)) (== netstandard2.0) (== netstandard2.1)
    Microsoft.AspNetCore.Mvc.Abstractions (2.2) - restriction: || (&& (== net7.0) (< netcoreapp3.0)) (== netstandard2.0) (== netstandard2.1)
      Microsoft.AspNetCore.Routing.Abstractions (>= 2.2)
      Microsoft.Net.Http.Headers (>= 2.2)
    Microsoft.AspNetCore.Mvc.ApiExplorer (2.2) - restriction: || (&& (== net7.0) (< netcoreapp3.0)) (== netstandard2.0) (== netstandard2.1)
      Microsoft.AspNetCore.Mvc.Core (>= 2.2)
    Microsoft.AspNetCore.Mvc.Core (2.2.5) - restriction: || (&& (== net7.0) (< netcoreapp3.0)) (== netstandard2.0) (== netstandard2.1)
      Microsoft.AspNetCore.Authentication.Core (>= 2.2)
      Microsoft.AspNetCore.Authorization.Policy (>= 2.2)
      Microsoft.AspNetCore.Hosting.Abstractions (>= 2.2)
      Microsoft.AspNetCore.Http (>= 2.2)
      Microsoft.AspNetCore.Http.Extensions (>= 2.2)
      Microsoft.AspNetCore.Mvc.Abstractions (>= 2.2)
      Microsoft.AspNetCore.ResponseCaching.Abstractions (>= 2.2)
      Microsoft.AspNetCore.Routing (>= 2.2)
      Microsoft.AspNetCore.Routing.Abstractions (>= 2.2)
      Microsoft.Extensions.DependencyInjection (>= 2.2)
      Microsoft.Extensions.DependencyModel (>= 2.1)
      Microsoft.Extensions.FileProviders.Abstractions (>= 2.2)
      Microsoft.Extensions.Logging.Abstractions (>= 2.2)
      System.Diagnostics.DiagnosticSource (>= 4.5)
      System.Threading.Tasks.Extensions (>= 4.5.1)
    Microsoft.AspNetCore.Mvc.DataAnnotations (2.2) - restriction: || (&& (== net7.0) (< netcoreapp3.0)) (== netstandard2.0) (== netstandard2.1)
      Microsoft.AspNetCore.Mvc.Core (>= 2.2)
      Microsoft.Extensions.Localization (>= 2.2)
      System.ComponentModel.Annotations (>= 4.5)
    Microsoft.AspNetCore.Mvc.NewtonsoftJson (7.0.9)
      Microsoft.AspNetCore.JsonPatch (>= 7.0.9) - restriction: || (== net7.0) (&& (== netstandard2.0) (>= net7.0)) (&& (== netstandard2.1) (>= net7.0))
      Newtonsoft.Json (>= 13.0.1) - restriction: || (== net7.0) (&& (== netstandard2.0) (>= net7.0)) (&& (== netstandard2.1) (>= net7.0))
      Newtonsoft.Json.Bson (>= 1.0.2) - restriction: || (== net7.0) (&& (== netstandard2.0) (>= net7.0)) (&& (== netstandard2.1) (>= net7.0))
    Microsoft.AspNetCore.Mvc.Versioning (5.1)
    Microsoft.AspNetCore.Mvc.Versioning.ApiExplorer (5.1)
      Microsoft.AspNetCore.Mvc.Versioning (>= 5.1) - restriction: || (== net7.0) (&& (== netstandard2.0) (>= netcoreapp3.1)) (&& (== netstandard2.1) (>= netcoreapp3.1))
    Microsoft.AspNetCore.ResponseCaching.Abstractions (2.2) - restriction: || (&& (== net7.0) (< netcoreapp3.0)) (== netstandard2.0) (== netstandard2.1)
      Microsoft.Extensions.Primitives (>= 2.2)
    Microsoft.AspNetCore.Routing (2.2.2) - restriction: || (&& (== net7.0) (< netcoreapp3.0)) (== netstandard2.0) (== netstandard2.1)
      Microsoft.AspNetCore.Http.Extensions (>= 2.2)
      Microsoft.AspNetCore.Routing.Abstractions (>= 2.2)
      Microsoft.Extensions.Logging.Abstractions (>= 2.2)
      Microsoft.Extensions.ObjectPool (>= 2.2)
      Microsoft.Extensions.Options (>= 2.2)
    Microsoft.AspNetCore.Routing.Abstractions (2.2) - restriction: || (&& (== net7.0) (< netcoreapp3.0)) (== netstandard2.0) (== netstandard2.1)
      Microsoft.AspNetCore.Http.Abstractions (>= 2.2)
    Microsoft.AspNetCore.StaticFiles (2.2) - restriction: || (&& (== net7.0) (< netcoreapp3.0)) (== netstandard2.0) (== netstandard2.1)
      Microsoft.AspNetCore.Hosting.Abstractions (>= 2.2)
      Microsoft.AspNetCore.Http.Extensions (>= 2.2)
      Microsoft.Extensions.FileProviders.Abstractions (>= 2.2)
      Microsoft.Extensions.Logging.Abstractions (>= 2.2)
      Microsoft.Extensions.WebEncoders (>= 2.2)
    Microsoft.AspNetCore.WebUtilities (2.2) - restriction: || (&& (== net7.0) (< netcoreapp3.0)) (== netstandard2.0) (== netstandard2.1)
      Microsoft.Net.Http.Headers (>= 2.2)
      System.Text.Encodings.Web (>= 4.5)
    Microsoft.Bcl.AsyncInterfaces (7.0)
      System.Threading.Tasks.Extensions (>= 4.5.4) - restriction: || (&& (== net7.0) (>= net462)) (&& (== net7.0) (< netstandard2.1)) (== netstandard2.0) (&& (== netstandard2.1) (>= net462))
    Microsoft.CSharp (4.7) - restriction: || (== net7.0) (&& (== netstandard2.0) (>= net7.0)) (&& (== netstandard2.0) (>= netstandard2.1)) (== netstandard2.1)
    Microsoft.Data.SqlClient (5.1.1) - restriction: || (== net7.0) (&& (== netstandard2.0) (>= net6.0)) (&& (== netstandard2.1) (>= net6.0))
      Azure.Identity (>= 1.7)
      Microsoft.Data.SqlClient.SNI.runtime (>= 5.1)
      Microsoft.Identity.Client (>= 4.47.2)
      Microsoft.IdentityModel.JsonWebTokens (>= 6.24)
      Microsoft.IdentityModel.Protocols.OpenIdConnect (>= 6.24)
      Microsoft.SqlServer.Server (>= 1.0)
      System.Configuration.ConfigurationManager (>= 6.0.1)
      System.Diagnostics.DiagnosticSource (>= 6.0) - restriction: || (== net7.0) (&& (== netstandard2.0) (>= net6.0)) (&& (== netstandard2.1) (>= net6.0))
      System.Runtime.Caching (>= 6.0)
      System.Security.Cryptography.Cng (>= 5.0)
      System.Security.Principal.Windows (>= 5.0)
      System.Text.Encoding.CodePages (>= 6.0)
      System.Text.Encodings.Web (>= 6.0)
    Microsoft.Data.SqlClient.SNI.runtime (5.1) - restriction: || (== net7.0) (&& (== netstandard2.0) (>= net6.0)) (&& (== netstandard2.1) (>= net6.0))
    Microsoft.Data.Sqlite.Core (7.0.9) - restriction: || (== net7.0) (&& (== netstandard2.0) (>= net6.0)) (&& (== netstandard2.1) (>= net6.0))
      SQLitePCLRaw.core (>= 2.1.4)
    Microsoft.EntityFrameworkCore (7.0.9) - restriction: || (== net7.0) (&& (== netstandard2.0) (>= net6.0)) (&& (== netstandard2.1) (>= net6.0))
      Microsoft.EntityFrameworkCore.Abstractions (>= 7.0.9) - restriction: || (== net7.0) (&& (== netstandard2.0) (>= net6.0)) (&& (== netstandard2.1) (>= net6.0))
      Microsoft.EntityFrameworkCore.Analyzers (>= 7.0.9) - restriction: || (== net7.0) (&& (== netstandard2.0) (>= net6.0)) (&& (== netstandard2.1) (>= net6.0))
      Microsoft.Extensions.Caching.Memory (>= 7.0) - restriction: || (== net7.0) (&& (== netstandard2.0) (>= net6.0)) (&& (== netstandard2.1) (>= net6.0))
      Microsoft.Extensions.DependencyInjection (>= 7.0) - restriction: || (== net7.0) (&& (== netstandard2.0) (>= net6.0)) (&& (== netstandard2.1) (>= net6.0))
      Microsoft.Extensions.Logging (>= 7.0) - restriction: || (== net7.0) (&& (== netstandard2.0) (>= net6.0)) (&& (== netstandard2.1) (>= net6.0))
    Microsoft.EntityFrameworkCore.Abstractions (7.0.9) - restriction: || (== net7.0) (&& (== netstandard2.0) (>= net6.0)) (&& (== netstandard2.1) (>= net6.0))
    Microsoft.EntityFrameworkCore.Analyzers (7.0.9) - restriction: || (== net7.0) (&& (== netstandard2.0) (>= net6.0)) (&& (== netstandard2.1) (>= net6.0))
    Microsoft.EntityFrameworkCore.Design (7.0.9) - restriction: || (== net7.0) (&& (== netstandard2.0) (>= net6.0)) (&& (== netstandard2.1) (>= net6.0))
      Humanizer.Core (>= 2.14.1) - restriction: || (== net7.0) (&& (== netstandard2.0) (>= net6.0)) (&& (== netstandard2.1) (>= net6.0))
      Microsoft.EntityFrameworkCore.Relational (>= 7.0.9) - restriction: || (== net7.0) (&& (== netstandard2.0) (>= net6.0)) (&& (== netstandard2.1) (>= net6.0))
      Microsoft.Extensions.DependencyModel (>= 7.0) - restriction: || (== net7.0) (&& (== netstandard2.0) (>= net6.0)) (&& (== netstandard2.1) (>= net6.0))
      Mono.TextTemplating (>= 2.2.1) - restriction: || (== net7.0) (&& (== netstandard2.0) (>= net6.0)) (&& (== netstandard2.1) (>= net6.0))
    Microsoft.EntityFrameworkCore.Relational (7.0.9) - restriction: || (== net7.0) (&& (== netstandard2.0) (>= net6.0)) (&& (== netstandard2.1) (>= net6.0))
      Microsoft.EntityFrameworkCore (>= 7.0.9) - restriction: || (== net7.0) (&& (== netstandard2.0) (>= net6.0)) (&& (== netstandard2.1) (>= net6.0))
      Microsoft.Extensions.Configuration.Abstractions (>= 7.0) - restriction: || (== net7.0) (&& (== netstandard2.0) (>= net6.0)) (&& (== netstandard2.1) (>= net6.0))
    Microsoft.EntityFrameworkCore.Sqlite (7.0.9)
      Microsoft.EntityFrameworkCore.Sqlite.Core (>= 7.0.9) - restriction: || (== net7.0) (&& (== netstandard2.0) (>= net6.0)) (&& (== netstandard2.1) (>= net6.0))
      SQLitePCLRaw.bundle_e_sqlite3 (>= 2.1.4) - restriction: || (== net7.0) (&& (== netstandard2.0) (>= net6.0)) (&& (== netstandard2.1) (>= net6.0))
    Microsoft.EntityFrameworkCore.Sqlite.Core (7.0.9) - restriction: || (== net7.0) (&& (== netstandard2.0) (>= net6.0)) (&& (== netstandard2.1) (>= net6.0))
      Microsoft.Data.Sqlite.Core (>= 7.0.9) - restriction: || (== net7.0) (&& (== netstandard2.0) (>= net6.0)) (&& (== netstandard2.1) (>= net6.0))
      Microsoft.EntityFrameworkCore.Relational (>= 7.0.9) - restriction: || (== net7.0) (&& (== netstandard2.0) (>= net6.0)) (&& (== netstandard2.1) (>= net6.0))
      Microsoft.Extensions.DependencyModel (>= 7.0) - restriction: || (== net7.0) (&& (== netstandard2.0) (>= net6.0)) (&& (== netstandard2.1) (>= net6.0))
    Microsoft.EntityFrameworkCore.SqlServer (7.0.9)
      Microsoft.Data.SqlClient (>= 5.0.2) - restriction: || (== net7.0) (&& (== netstandard2.0) (>= net6.0)) (&& (== netstandard2.1) (>= net6.0))
      Microsoft.EntityFrameworkCore.Relational (>= 7.0.9) - restriction: || (== net7.0) (&& (== netstandard2.0) (>= net6.0)) (&& (== netstandard2.1) (>= net6.0))
    Microsoft.EntityFrameworkCore.Tools (7.0.9)
      Microsoft.EntityFrameworkCore.Design (>= 7.0.9) - restriction: || (== net7.0) (&& (== netstandard2.0) (>= net6.0)) (&& (== netstandard2.1) (>= net6.0))
    Microsoft.Extensions.ApiDescription.Server (7.0.9)
    Microsoft.Extensions.Caching.Abstractions (7.0) - restriction: || (== net7.0) (&& (== netstandard2.0) (>= net6.0)) (&& (== netstandard2.1) (>= net6.0))
      Microsoft.Extensions.Primitives (>= 7.0)
    Microsoft.Extensions.Caching.Memory (7.0) - restriction: || (== net7.0) (&& (== netstandard2.0) (>= net6.0)) (&& (== netstandard2.1) (>= net6.0))
      Microsoft.Extensions.Caching.Abstractions (>= 7.0)
      Microsoft.Extensions.DependencyInjection.Abstractions (>= 7.0)
      Microsoft.Extensions.Logging.Abstractions (>= 7.0)
      Microsoft.Extensions.Options (>= 7.0)
      Microsoft.Extensions.Primitives (>= 7.0)
    Microsoft.Extensions.Configuration.Abstractions (7.0)
      Microsoft.Extensions.Primitives (>= 7.0)
    Microsoft.Extensions.DependencyInjection (7.0)
      Microsoft.Extensions.DependencyInjection.Abstractions (>= 7.0)
    Microsoft.Extensions.DependencyInjection.Abstractions (7.0)
    Microsoft.Extensions.DependencyModel (7.0)
      System.Text.Encodings.Web (>= 7.0)
      System.Text.Json (>= 7.0)
    Microsoft.Extensions.FileProviders.Abstractions (7.0) - restriction: || (&& (== net7.0) (< netcoreapp3.0)) (== netstandard2.0) (== netstandard2.1)
      Microsoft.Extensions.Primitives (>= 7.0)
    Microsoft.Extensions.FileProviders.Embedded (7.0.9) - restriction: || (&& (== net7.0) (< netcoreapp3.0)) (== netstandard2.0) (== netstandard2.1)
      Microsoft.Extensions.FileProviders.Abstractions (>= 7.0)
    Microsoft.Extensions.Hosting.Abstractions (7.0) - restriction: || (&& (== net7.0) (< netcoreapp3.0)) (== netstandard2.0) (== netstandard2.1)
      Microsoft.Bcl.AsyncInterfaces (>= 7.0) - restriction: || (&& (== net7.0) (>= net462)) (&& (== net7.0) (< netstandard2.1)) (== netstandard2.0) (&& (== netstandard2.1) (>= net462))
      Microsoft.Extensions.Configuration.Abstractions (>= 7.0)
      Microsoft.Extensions.DependencyInjection.Abstractions (>= 7.0)
      Microsoft.Extensions.FileProviders.Abstractions (>= 7.0)
      System.Threading.Tasks.Extensions (>= 4.5.4) - restriction: || (&& (== net7.0) (>= net462)) (&& (== net7.0) (< netstandard2.1)) (== netstandard2.0) (&& (== netstandard2.1) (>= net462))
    Microsoft.Extensions.Localization (7.0.9) - restriction: || (&& (== net7.0) (< netcoreapp3.0)) (== netstandard2.0) (== netstandard2.1)
      Microsoft.Extensions.DependencyInjection.Abstractions (>= 7.0)
      Microsoft.Extensions.Localization.Abstractions (>= 7.0.9)
      Microsoft.Extensions.Logging.Abstractions (>= 7.0.1)
      Microsoft.Extensions.Options (>= 7.0.1)
    Microsoft.Extensions.Localization.Abstractions (7.0.9) - restriction: || (&& (== net7.0) (>= net462)) (&& (== net7.0) (< netcoreapp3.0)) (== netstandard2.0) (== netstandard2.1)
    Microsoft.Extensions.Logging (7.0) - restriction: || (== net7.0) (&& (== netstandard2.0) (>= net6.0)) (&& (== netstandard2.1) (>= net6.0))
      Microsoft.Extensions.DependencyInjection (>= 7.0)
      Microsoft.Extensions.DependencyInjection.Abstractions (>= 7.0)
      Microsoft.Extensions.Logging.Abstractions (>= 7.0)
      Microsoft.Extensions.Options (>= 7.0)
    Microsoft.Extensions.Logging.Abstractions (7.0.1)
      System.Buffers (>= 4.5.1) - restriction: || (&& (== net7.0) (>= net462)) (&& (== net7.0) (< net6.0)) (== netstandard2.0) (== netstandard2.1)
      System.Memory (>= 4.5.5) - restriction: || (&& (== net7.0) (>= net462)) (&& (== net7.0) (< net6.0)) (== netstandard2.0) (== netstandard2.1)
    Microsoft.Extensions.ObjectPool (7.0.9) - restriction: || (&& (== net7.0) (< netcoreapp3.0)) (== netstandard2.0) (== netstandard2.1)
    Microsoft.Extensions.Options (7.0.1)
      Microsoft.Extensions.DependencyInjection.Abstractions (>= 7.0)
      Microsoft.Extensions.Primitives (>= 7.0)
    Microsoft.Extensions.Primitives (7.0)
      System.Memory (>= 4.5.5) - restriction: || (&& (== net7.0) (>= net462)) (&& (== net7.0) (< net6.0)) (== netstandard2.0) (== netstandard2.1)
      System.Runtime.CompilerServices.Unsafe (>= 6.0) - restriction: || (&& (== net7.0) (>= net462)) (&& (== net7.0) (< net6.0)) (== netstandard2.0) (== netstandard2.1)
    Microsoft.Extensions.WebEncoders (7.0.9) - restriction: || (&& (== net7.0) (< netcoreapp3.0)) (== netstandard2.0) (== netstandard2.1)
      Microsoft.Extensions.DependencyInjection.Abstractions (>= 7.0)
      Microsoft.Extensions.Options (>= 7.0.1)
      System.Text.Encodings.Web (>= 7.0) - restriction: || (&& (== net7.0) (>= net462)) (== netstandard2.0) (== netstandard2.1)
    Microsoft.Identity.Client (4.54.1) - restriction: || (== net7.0) (&& (== netstandard2.0) (>= net6.0)) (&& (== netstandard2.1) (>= net6.0))
      Microsoft.IdentityModel.Abstractions (>= 6.22)
    Microsoft.Identity.Client.Extensions.Msal (2.31) - restriction: || (== net7.0) (&& (== netstandard2.0) (>= net6.0)) (&& (== netstandard2.1) (>= net6.0))
      Microsoft.Identity.Client (>= 4.54.1)
      System.IO.FileSystem.AccessControl (>= 5.0)
      System.Security.Cryptography.ProtectedData (>= 4.5)
    Microsoft.IdentityModel.Abstractions (6.32) - restriction: || (== net7.0) (&& (== netstandard2.0) (>= net6.0)) (&& (== netstandard2.0) (>= net6.0-android)) (&& (== netstandard2.0) (>= net6.0-ios)) (&& (== netstandard2.0) (>= net6.0-windows7.0)) (&& (== netstandard2.1) (>= net6.0)) (&& (== netstandard2.1) (>= net6.0-android)) (&& (== netstandard2.1) (>= net6.0-ios)) (&& (== netstandard2.1) (>= net6.0-windows7.0))
    Microsoft.IdentityModel.JsonWebTokens (6.32) - restriction: || (== net7.0) (&& (== netstandard2.0) (>= net6.0)) (&& (== netstandard2.1) (>= net6.0))
      Microsoft.IdentityModel.Tokens (>= 6.32)
      System.Text.Encoding (>= 4.3)
      System.Text.Encodings.Web (>= 4.7.2)
      System.Text.Json (>= 4.7.2)
    Microsoft.IdentityModel.Logging (6.32) - restriction: || (== net7.0) (&& (== netstandard2.0) (>= net6.0)) (&& (== netstandard2.1) (>= net6.0))
      Microsoft.IdentityModel.Abstractions (>= 6.32)
    Microsoft.IdentityModel.Protocols (6.32) - restriction: || (== net7.0) (&& (== netstandard2.0) (>= net6.0)) (&& (== netstandard2.1) (>= net6.0))
      Microsoft.IdentityModel.Logging (>= 6.32)
      Microsoft.IdentityModel.Tokens (>= 6.32)
    Microsoft.IdentityModel.Protocols.OpenIdConnect (6.32) - restriction: || (== net7.0) (&& (== netstandard2.0) (>= net6.0)) (&& (== netstandard2.1) (>= net6.0))
      Microsoft.IdentityModel.Protocols (>= 6.32)
      System.IdentityModel.Tokens.Jwt (>= 6.32)
    Microsoft.IdentityModel.Tokens (6.32) - restriction: || (== net7.0) (&& (== netstandard2.0) (>= net6.0)) (&& (== netstandard2.1) (>= net6.0))
      Microsoft.CSharp (>= 4.5)
      Microsoft.IdentityModel.Logging (>= 6.32)
      System.Security.Cryptography.Cng (>= 4.5)
    Microsoft.Net.Http.Headers (2.2.8) - restriction: || (&& (== net7.0) (< netcoreapp3.0)) (== netstandard2.0) (== netstandard2.1)
      Microsoft.Extensions.Primitives (>= 2.2)
      System.Buffers (>= 4.5)
    Microsoft.NETCore.Platforms (7.0.4) - restriction: || (== net7.0) (&& (== netstandard2.0) (>= net6.0)) (&& (== netstandard2.1) (>= net6.0))
    Microsoft.NETCore.Targets (5.0) - restriction: || (== net7.0) (&& (== netstandard2.0) (>= net6.0)) (&& (== netstandard2.1) (>= net6.0))
    Microsoft.OpenApi (1.6.5)
    Microsoft.SqlServer.Server (1.0) - restriction: || (== net7.0) (&& (== netstandard2.0) (>= net6.0)) (&& (== netstandard2.1) (>= net6.0))
    Microsoft.Win32.SystemEvents (7.0) - restriction: || (== net7.0) (&& (== netstandard2.0) (>= net6.0)) (&& (== netstandard2.1) (>= net6.0))
    Mono.TextTemplating (2.3.1) - restriction: || (== net7.0) (&& (== netstandard2.0) (>= net6.0)) (&& (== netstandard2.1) (>= net6.0))
      System.CodeDom (>= 5.0)
    Newtonsoft.Json (13.0.3) - restriction: || (== net7.0) (&& (== netstandard2.0) (>= net7.0)) (&& (== netstandard2.1) (>= net7.0))
    Newtonsoft.Json.Bson (1.0.2) - restriction: || (== net7.0) (&& (== netstandard2.0) (>= net7.0)) (&& (== netstandard2.1) (>= net7.0))
      Newtonsoft.Json (>= 12.0.1)
    SQLitePCLRaw.bundle_e_sqlite3 (2.1.5) - restriction: || (== net7.0) (&& (== netstandard2.0) (>= net6.0)) (&& (== netstandard2.1) (>= net6.0))
      SQLitePCLRaw.lib.e_sqlite3 (>= 2.1.5)
      SQLitePCLRaw.provider.e_sqlite3 (>= 2.1.5)
    SQLitePCLRaw.core (2.1.5) - restriction: || (== net7.0) (&& (== netstandard2.0) (>= net6.0)) (&& (== netstandard2.0) (>= net6.0-ios)) (&& (== netstandard2.1) (>= net6.0)) (&& (== netstandard2.1) (>= net6.0-ios))
      System.Memory (>= 4.5.3)
    SQLitePCLRaw.lib.e_sqlite3 (2.1.5) - restriction: || (== net7.0) (&& (== netstandard2.0) (>= net6.0)) (&& (== netstandard2.0) (>= net6.0-ios)) (&& (== netstandard2.1) (>= net6.0)) (&& (== netstandard2.1) (>= net6.0-ios))
    SQLitePCLRaw.provider.e_sqlite3 (2.1.5) - restriction: || (== net7.0) (&& (== netstandard2.0) (>= net6.0)) (&& (== netstandard2.0) (>= net6.0-ios)) (&& (== netstandard2.1) (>= net6.0)) (&& (== netstandard2.1) (>= net6.0-ios))
      SQLitePCLRaw.core (>= 2.1.5)
    Swashbuckle.AspNetCore (6.5)
      Microsoft.Extensions.ApiDescription.Server (>= 6.0.5)
      Swashbuckle.AspNetCore.Swagger (>= 6.5)
      Swashbuckle.AspNetCore.SwaggerGen (>= 6.5)
      Swashbuckle.AspNetCore.SwaggerUI (>= 6.5)
    Swashbuckle.AspNetCore.Swagger (6.5)
      Microsoft.AspNetCore.Routing (>= 2.1) - restriction: || (&& (== net7.0) (< netcoreapp3.0)) (== netstandard2.0) (== netstandard2.1)
      Microsoft.OpenApi (>= 1.2.3)
    Swashbuckle.AspNetCore.SwaggerGen (6.5)
      Microsoft.AspNetCore.Mvc.ApiExplorer (>= 2.1) - restriction: || (&& (== net7.0) (< netcoreapp3.0)) (== netstandard2.0) (== netstandard2.1)
      Microsoft.AspNetCore.Mvc.DataAnnotations (>= 2.1) - restriction: || (&& (== net7.0) (< netcoreapp3.0)) (== netstandard2.0) (== netstandard2.1)
      Swashbuckle.AspNetCore.Swagger (>= 6.5)
      System.Text.Json (>= 4.6) - restriction: || (&& (== net7.0) (< netcoreapp3.0)) (== netstandard2.0) (== netstandard2.1)
    Swashbuckle.AspNetCore.SwaggerUI (6.5)
      Microsoft.AspNetCore.Routing (>= 2.1) - restriction: || (&& (== net7.0) (< netcoreapp3.0)) (== netstandard2.0) (== netstandard2.1)
      Microsoft.AspNetCore.StaticFiles (>= 2.1) - restriction: || (&& (== net7.0) (< netcoreapp3.0)) (== netstandard2.0) (== netstandard2.1)
      Microsoft.Extensions.FileProviders.Embedded (>= 2.1) - restriction: || (&& (== net7.0) (< netcoreapp3.0)) (== netstandard2.0) (== netstandard2.1)
      System.Text.Json (>= 4.6) - restriction: || (&& (== net7.0) (< netcoreapp3.0)) (== netstandard2.0) (== netstandard2.1)
    System.Buffers (4.5.1) - restriction: || (&& (== net7.0) (>= monotouch)) (&& (== net7.0) (>= net461)) (&& (== net7.0) (>= net462)) (&& (== net7.0) (< net6.0) (>= xamarinios)) (&& (== net7.0) (< net6.0) (>= xamarinmac)) (&& (== net7.0) (< net6.0) (>= xamarintvos)) (&& (== net7.0) (< net6.0) (>= xamarinwatchos)) (&& (== net7.0) (< netcoreapp2.0)) (&& (== net7.0) (< netcoreapp3.0)) (&& (== net7.0) (< netstandard1.1)) (&& (== net7.0) (< netstandard2.0)) (== netstandard2.0) (== netstandard2.1)
    System.CodeDom (7.0) - restriction: || (== net7.0) (&& (== netstandard2.0) (>= net6.0)) (&& (== netstandard2.1) (>= net6.0))
    System.ComponentModel.Annotations (5.0) - restriction: || (&& (== net7.0) (< netcoreapp3.0)) (== netstandard2.0) (== netstandard2.1)
    System.Configuration.ConfigurationManager (7.0) - restriction: || (== net7.0) (&& (== netstandard2.0) (>= net6.0)) (&& (== netstandard2.1) (>= net6.0))
      System.Diagnostics.EventLog (>= 7.0) - restriction: || (== net7.0) (&& (== netstandard2.0) (>= net7.0)) (&& (== netstandard2.1) (>= net7.0))
      System.Security.Cryptography.ProtectedData (>= 7.0)
      System.Security.Permissions (>= 7.0)
    System.Diagnostics.DiagnosticSource (7.0.2)
    System.Diagnostics.EventLog (7.0) - restriction: || (== net7.0) (&& (== netstandard2.0) (>= net7.0)) (&& (== netstandard2.1) (>= net7.0))
    System.Drawing.Common (7.0) - restriction: || (== net7.0) (&& (== netstandard2.0) (>= net6.0)) (&& (== netstandard2.1) (>= net6.0))
      Microsoft.Win32.SystemEvents (>= 7.0) - restriction: || (== net7.0) (&& (== netstandard2.0) (>= net6.0)) (&& (== netstandard2.1) (>= net6.0))
    System.Formats.Asn1 (7.0) - restriction: || (== net7.0) (&& (== netstandard2.0) (>= net6.0)) (&& (== netstandard2.1) (>= net6.0))
    System.IdentityModel.Tokens.Jwt (6.32) - restriction: || (== net7.0) (&& (== netstandard2.0) (>= net6.0)) (&& (== netstandard2.1) (>= net6.0))
      Microsoft.IdentityModel.JsonWebTokens (>= 6.32)
      Microsoft.IdentityModel.Tokens (>= 6.32)
    System.IO.FileSystem.AccessControl (5.0) - restriction: || (== net7.0) (&& (== netstandard2.0) (>= net6.0)) (&& (== netstandard2.1) (>= net6.0))
      System.Security.AccessControl (>= 5.0)
      System.Security.Principal.Windows (>= 5.0)
    System.IO.Pipelines (7.0) - restriction: || (&& (== net7.0) (>= net461)) (&& (== net7.0) (< netcoreapp3.0)) (== netstandard2.0) (== netstandard2.1)
      System.Buffers (>= 4.5.1) - restriction: || (&& (== net7.0) (>= net462)) (&& (== net7.0) (< net6.0)) (== netstandard2.0) (== netstandard2.1)
      System.Memory (>= 4.5.5) - restriction: || (&& (== net7.0) (>= net462)) (&& (== net7.0) (< net6.0)) (== netstandard2.0) (== netstandard2.1)
      System.Threading.Tasks.Extensions (>= 4.5.4) - restriction: || (&& (== net7.0) (>= net462)) (&& (== net7.0) (< net6.0)) (== netstandard2.0) (== netstandard2.1)
    System.Memory (4.5.5)
      System.Buffers (>= 4.5.1) - restriction: || (&& (== net7.0) (>= monotouch)) (&& (== net7.0) (>= net461)) (&& (== net7.0) (< netcoreapp2.0)) (&& (== net7.0) (< netstandard1.1)) (&& (== net7.0) (< netstandard2.0)) (&& (== net7.0) (>= xamarinios)) (&& (== net7.0) (>= xamarinmac)) (&& (== net7.0) (>= xamarintvos)) (&& (== net7.0) (>= xamarinwatchos)) (== netstandard2.0) (== netstandard2.1)
      System.Numerics.Vectors (>= 4.4) - restriction: || (&& (== net7.0) (< netcoreapp2.0)) (== netstandard2.0) (== netstandard2.1)
      System.Runtime.CompilerServices.Unsafe (>= 4.5.3) - restriction: || (&& (== net7.0) (>= monotouch)) (&& (== net7.0) (>= net461)) (&& (== net7.0) (< netcoreapp2.0)) (&& (== net7.0) (< netcoreapp2.1)) (&& (== net7.0) (< netstandard1.1)) (&& (== net7.0) (< netstandard2.0)) (&& (== net7.0) (>= uap10.1)) (&& (== net7.0) (>= xamarinios)) (&& (== net7.0) (>= xamarinmac)) (&& (== net7.0) (>= xamarintvos)) (&& (== net7.0) (>= xamarinwatchos)) (== netstandard2.0) (== netstandard2.1)
    System.Memory.Data (7.0) - restriction: || (== net7.0) (&& (== netstandard2.0) (>= net6.0)) (&& (== netstandard2.1) (>= net6.0))
      System.Text.Json (>= 7.0)
    System.Numerics.Vectors (4.5)
    System.Runtime (4.3.1) - restriction: || (== net7.0) (&& (== netstandard2.0) (>= net6.0)) (&& (== netstandard2.1) (>= net6.0))
      Microsoft.NETCore.Platforms (>= 1.1.1)
      Microsoft.NETCore.Targets (>= 1.1.3)
    System.Runtime.Caching (7.0) - restriction: || (== net7.0) (&& (== netstandard2.0) (>= net6.0)) (&& (== netstandard2.1) (>= net6.0))
      System.Configuration.ConfigurationManager (>= 7.0)
    System.Runtime.CompilerServices.Unsafe (6.0) - restriction: || (&& (== net7.0) (>= net462)) (&& (== net7.0) (< net6.0)) (&& (== net7.0) (< netcoreapp3.0)) (== netstandard2.0) (== netstandard2.1)
    System.Security.AccessControl (6.0) - restriction: || (== net7.0) (&& (== netstandard2.0) (>= net6.0)) (&& (== netstandard2.1) (>= net6.0))
    System.Security.Cryptography.Cng (5.0) - restriction: || (== net7.0) (&& (== netstandard2.0) (>= net6.0)) (&& (== netstandard2.1) (>= net6.0))
      System.Formats.Asn1 (>= 5.0) - restriction: || (== net7.0) (&& (== netstandard2.0) (>= netcoreapp3.0)) (&& (== netstandard2.1) (>= netcoreapp3.0))
    System.Security.Cryptography.ProtectedData (7.0.1) - restriction: || (== net7.0) (&& (== netstandard2.0) (>= net6.0)) (&& (== netstandard2.1) (>= net6.0))
    System.Security.Permissions (7.0) - restriction: || (== net7.0) (&& (== netstandard2.0) (>= net6.0)) (&& (== netstandard2.1) (>= net6.0))
      System.Windows.Extensions (>= 7.0) - restriction: || (== net7.0) (&& (== netstandard2.0) (>= net6.0)) (&& (== netstandard2.1) (>= net6.0))
    System.Security.Principal.Windows (5.0) - restriction: || (== net7.0) (&& (== netstandard2.0) (>= net6.0)) (&& (== netstandard2.1) (>= net6.0))
    System.Text.Encoding (4.3) - restriction: || (== net7.0) (&& (== netstandard2.0) (>= net6.0)) (&& (== netstandard2.1) (>= net6.0))
      Microsoft.NETCore.Platforms (>= 1.1)
      Microsoft.NETCore.Targets (>= 1.1)
      System.Runtime (>= 4.3)
    System.Text.Encoding.CodePages (7.0) - restriction: || (== net7.0) (&& (== netstandard2.0) (>= net6.0)) (&& (== netstandard2.1) (>= net6.0))
    System.Text.Encodings.Web (7.0)
    System.Text.Json (7.0.3)
      Microsoft.Bcl.AsyncInterfaces (>= 7.0) - restriction: || (&& (== net7.0) (>= net462)) (&& (== net7.0) (< net6.0)) (== netstandard2.0) (== netstandard2.1)
      System.Buffers (>= 4.5.1) - restriction: || (&& (== net7.0) (>= net462)) (&& (== net7.0) (< net6.0)) (== netstandard2.0) (== netstandard2.1)
      System.Memory (>= 4.5.5) - restriction: || (&& (== net7.0) (>= net462)) (&& (== net7.0) (< net6.0)) (== netstandard2.0) (== netstandard2.1)
      System.Numerics.Vectors (>= 4.5) - restriction: || (&& (== net7.0) (>= net462)) (&& (== net7.0) (< net6.0)) (== netstandard2.0) (== netstandard2.1)
      System.Runtime.CompilerServices.Unsafe (>= 6.0) - restriction: || (&& (== net7.0) (>= net462)) (&& (== net7.0) (< net6.0)) (== netstandard2.0) (== netstandard2.1)
      System.Text.Encodings.Web (>= 7.0)
      System.Threading.Tasks.Extensions (>= 4.5.4) - restriction: || (&& (== net7.0) (>= net462)) (&& (== net7.0) (< net6.0)) (== netstandard2.0) (== netstandard2.1)
    System.Threading.Tasks.Extensions (4.5.4)
    System.Windows.Extensions (7.0) - restriction: || (== net7.0) (&& (== netstandard2.0) (>= net6.0)) (&& (== netstandard2.1) (>= net6.0))
      System.Drawing.Common (>= 7.0) - restriction: || (== net7.0) (&& (== netstandard2.0) (>= net6.0)) (&& (== netstandard2.1) (>= net6.0))
